PATH
  remote: .
  specs:
    fast_rake (0.2.7)

GEM
  remote: http://rubygems.org/
  specs:
    gemma (3.0.0)
      highline (~> 1.6.15)
      minitest (~> 4.3.3)
      rake (~> 10.0.3)
      rdoc (~> 3.12.0)
      yard (~> 0.8.3)
    highline (1.6.15)
    json (1.7.7)
    minitest (4.3.3)
    rake (10.0.3)
    rdoc (3.12.2)
      json (~> 1.4)
    yard (0.8.5.2)

PLATFORMS
  ruby

DEPENDENCIES
  fast_rake!
  gemma (~> 3.0.0)
